GEM
  remote: https://rubygems.org/
  specs:
    cinch (2.2.4)
    cinch-identify (1.7.0)
      cinch (~> 2.0)
    coderay (1.1.0)
    method_source (0.8.2)
    pry (0.10.1)
      coderay (~> 1.1.0)
      method_source (~> 0.8.1)
      slop (~> 3.4)
    slop (3.6.0)

PLATFORMS
  ruby

DEPENDENCIES
  cinch
  cinch-identify
  pry
